GIT
  remote: git://github.com/clayallsopp/readme-score.git
  revision: 671c59008b0f6dc2a469f6d1d2d8c11fffca4554
  specs:
    readme-score (0.0.1)
      nokogiri (>= 1.6.0)
      octokit (>= 3.2.0)
      redcarpet (>= 3.1.0)
      unirest (>= 1.1.0)

GEM
  remote: https://rubygems.org/
  specs:
    addressable (2.3.6)
    faraday (0.9.0)
      multipart-post (>= 1.2, < 3)
    json (1.8.1)
    mime-types (1.25.1)
    mini_portile (0.6.0)
    multipart-post (2.0.0)
    nokogiri (1.6.2.1)
      mini_portile (= 0.6.0)
    octokit (3.2.0)
      sawyer (~> 0.5.3)
    rdoc (4.1.1)
      json (~> 1.4)
    redcarpet (3.1.2)
    rest-client (1.6.8)
      mime-types (~> 1.16)
      rdoc (>= 2.4.2)
    sawyer (0.5.4)
      addressable (~> 2.3.5)
      faraday (~> 0.8, < 0.10)
    unirest (1.1.2)
      addressable (~> 2.3.5)
      json (~> 1.8.1)
      rest-client (~> 1.6.7)

PLATFORMS
  ruby

DEPENDENCIES
  readme-score!
